{
	"TaskName": "imagery",
	"Manufacturer": "Neuracle BRK-NSW 2.0",
	"PowerLineFrequency": 50.0,
	"SamplingFrequency": 1000.0,
	"SoftwareFilters": "n/a",
	"RecordingDuration": 190.999,
	"RecordingType": "continuous",
	"EEGReference": "n/a",
	"EEGGround": "n/a",
	"EEGPlacementScheme": "10-05 system",
	"EEGChannelCount": 59,
	"EOGChannelCount": 0,
	"ECGChannelCount": 0,
	"EMGChannelCount": 0,
	"TriggerChannelCount": 0,
	"ManufacturersModelName": "Neuracle BRK-NSW 2.0",
	"SoftwareVersions": "n/a",
	"HardwareFilters": "n/a",
	"TaskDescription": "6 rehabilitation paradigms (ME, MI, VR-MI, MT, SRG, MG). Default: MI paradigm with 3 classes (L/R/both hands), 4 sessions, 40 trials/class. Trial duration: 6.0s, imagery: 4.0s.",
	"Instructions": "n/a",
	"CogAtlasID": "https://www.cognitiveatlas.org/task/id/trm_4c8a834779883/",
	"InstitutionName": "Lanzhou Jiaotong University",
	"InstitutionAddress": "CN",
	"InstitutionalDepartmentName": "School of Electronic and Information Engineering",
	"CapManufacturer": "n/a",
	"CapManufacturersModelName": "n/a",
	"SubjectArtefactDescription": "n/a",
	"DeviceSerialNumber": "n/a",
	"Description": "EEG recording.",
	"MISCChannelCount": 0
}